GEM
  remote: http://rubygems.org/
  specs:
    rake (0.9.2)
    rb-fsevent (0.4.3.1)
    sass (3.1.18)

PLATFORMS
  ruby

DEPENDENCIES
  rake
  rb-fsevent
  sass
