GEM
  remote: http://rubygems.org/
  specs:
    rake (0.9.2)
    sass (3.1.7)

PLATFORMS
  ruby

DEPENDENCIES
  rake
  sass
